PATH
  remote: .
  specs:
    square.rb (11.0.0.20210513)
      certifi (~> 2018.1, >= 2018.01.18)
      faraday (~> 1.0, >= 1.0.1)
      faraday-http-cache (~> 2.2)
      faraday_middleware (~> 1.0)
      logging (~> 2.3)

GEM
  remote: https://rubygems.org/
  specs:
    certifi (2018.01.18)
    faraday (1.4.2)
      faraday-em_http (~> 1.0)
      faraday-em_synchrony (~> 1.0)
      faraday-excon (~> 1.1)
      faraday-net_http (~> 1.0)
      faraday-net_http_persistent (~> 1.1)
      multipart-post (>= 1.2, < 3)
      ruby2_keywords (>= 0.0.4)
    faraday-em_http (1.0.0)
    faraday-em_synchrony (1.0.0)
    faraday-excon (1.1.0)
    faraday-http-cache (2.2.0)
      faraday (>= 0.8)
    faraday-net_http (1.0.1)
    faraday-net_http_persistent (1.1.0)
    faraday_middleware (1.0.0)
      faraday (~> 1.0)
    little-plugger (1.1.4)
    logging (2.3.0)
      little-plugger (~> 1.1)
      multi_json (~> 1.14)
    minitest (5.14.4)
    minitest-proveit (1.0.0)
      minitest (> 5, < 7)
    multi_json (1.15.0)
    multipart-post (2.1.1)
    rake (13.0.3)
    ruby2_keywords (0.0.4)

PLATFORMS
  x86_64-darwin-20

DEPENDENCIES
  minitest (~> 5.14, >= 5.14.1)
  minitest-proveit (~> 1.0)
  rake
  square.rb!

BUNDLED WITH
   2.2.17
